PATH
  remote: .
  specs:
    ela (4.1.2)
      andand (~> 1.3, >= 1.3.3)
      bundler (~> 1.13)
      coffee-script (~> 2.4, >= 2.4.1)
      guard (~> 2.10)
      guard-coffeescript (~> 2.0, >= 2.0.1)
      guard-compat (~> 1.2, >= 1.2.1)
      guard-livereload (~> 2.5, >= 2.5.2)
      guard-process (~> 1.2, >= 1.2.1)
      guard-rack (~> 2.2, >= 2.2.0)
      haml (~> 4.0, >= 4.0.7)
      haml_coffee_assets (~> 1.18, >= 1.18.0)
      jasmine (~> 2.9, >= 2.9.0)
      rake (~> 10.5, >= 10.5.0)
      sinatra (~> 1.4, >= 1.4.8)
      sinatra-assetpack (~> 0.3, >= 0.3.5)
      sinatra-backbone-2 (~> 0.1, >= 0.1.1)
      stylus (~> 1.0, >= 1.0.2)
      uglifier (~> 4.1, >= 4.1.5)

GEM
  remote: https://rubygems.org/
  specs:
    andand (1.3.3)
    coderay (1.1.2)
    coffee-script (2.4.1)
      coffee-script-source
      execjs
    coffee-script-source (1.12.2)
    concurrent-ruby (1.0.5)
    em-websocket (0.5.1)
      eventmachine (>= 0.12.9)
      http_parser.rb (~> 0.6.0)
    eventmachine (1.2.7)
    execjs (2.7.0)
    ffi (1.9.23)
    formatador (0.2.5)
    guard (2.14.2)
      formatador (>= 0.2.4)
      listen (>= 2.7, < 4.0)
      lumberjack (>= 1.0.12, < 2.0)
      nenv (~> 0.1)
      notiffany (~> 0.0)
      pry (>= 0.9.12)
      shellany (~> 0.0)
      thor (>= 0.18.1)
    guard-coffeescript (2.0.1)
      coffee-script (>= 2.2.0)
      guard (>= 2.1.0)
      guard-compat (~> 1.1)
    guard-compat (1.2.1)
    guard-copy3 (0.5.1.3)
      guard (~> 2.10)
    guard-livereload (2.5.2)
      em-websocket (~> 0.5)
      guard (~> 2.8)
      guard-compat (~> 1.0)
      multi_json (~> 1.8)
    guard-process (1.2.1)
      guard-compat (~> 1.2, >= 1.2.1)
      spoon (~> 0.0.1)
    guard-rack (2.2.0)
      ffi
      guard (~> 2.3)
      spoon
    haml (4.0.7)
      tilt
    haml_coffee_assets (1.18.0)
      coffee-script (>= 2)
      sprockets (>= 2)
    http_parser.rb (0.6.0)
    jasmine (2.99.0)
      jasmine-core (>= 2.99.0, < 3.0.0)
      phantomjs
      rack (>= 1.2.1)
      rake
    jasmine-core (2.99.2)
    jsmin (1.0.1)
    listen (3.1.5)
      rb-fsevent (~> 0.9, >= 0.9.4)
      rb-inotify (~> 0.9, >= 0.9.7)
      ruby_dep (~> 1.2)
    lumberjack (1.0.13)
    method_source (0.9.0)
    multi_json (1.13.1)
    nenv (0.3.0)
    notiffany (0.1.1)
      nenv (~> 0.1)
      shellany (~> 0.0)
    phantomjs (2.1.1.0)
    pry (0.11.3)
      coderay (~> 1.1.0)
      method_source (~> 0.9.0)
    rack (1.6.10)
    rack-protection (1.5.5)
      rack
    rack-test (1.0.0)
      rack (>= 1.0, < 3)
    rake (10.5.0)
    rb-fsevent (0.10.3)
    rb-inotify (0.9.10)
      ffi (>= 0.5.0, < 2)
    ruby_dep (1.5.0)
    shellany (0.0.1)
    sinatra (1.4.8)
      rack (~> 1.5)
      rack-protection (~> 1.4)
      tilt (>= 1.3, < 3)
    sinatra-assetpack (0.3.5)
      jsmin
      rack-test
      sinatra
      tilt (>= 1.3.0, < 2.0)
    sinatra-backbone-2 (0.1.1)
      sinatra
    spoon (0.0.6)
      ffi
    sprockets (3.7.1)
      concurrent-ruby (~> 1.0)
      rack (> 1, < 3)
    stylus (1.0.2)
      execjs
      stylus-source
    stylus-source (0.54.5)
    thor (0.20.0)
    tilt (1.4.1)
    uglifier (4.1.10)
      execjs (>= 0.3.0, < 3)

PLATFORMS
  ruby

DEPENDENCIES
  ela!
  guard-copy3

BUNDLED WITH
   1.16.0
